{
	"TaskName": "ssvep",
	"Manufacturer": "g.tec MobiLab",
	"PowerLineFrequency": 50.0,
	"SamplingFrequency": 256.0,
	"SoftwareFilters": "n/a",
	"RecordingDuration": 294.12109375,
	"RecordingType": "continuous",
	"EEGReference": "right mastoid",
	"EEGGround": "n/a",
	"EEGPlacementScheme": "10-05 system",
	"EEGChannelCount": 8,
	"EOGChannelCount": 0,
	"ECGChannelCount": 0,
	"EMGChannelCount": 0,
	"TriggerChannelCount": 0,
	"ManufacturersModelName": "g.tec MobiLab",
	"HardwareFilters": "n/a",
	"TaskDescription": "SSVEP Trial duration: 6.0s, stimulus frequencies: [13.0, 17.0, 21.0] Hz.",
	"Instructions": "n/a",
	"InstitutionName": "Universite de Versailles Saint-Quentin",
	"InstitutionAddress": "78140 Velizy, France",
	"InstitutionalDepartmentName": "Laboratoire d'Ing\u00e9nierie des Syst\u00e8mes de Versailles",
	"CapManufacturer": "n/a",
	"CapManufacturersModelName": "n/a",
	"SubjectArtefactDescription": "n/a",
	"DeviceSerialNumber": "n/a",
	"Description": "Online SSVEP-based BCI using Riemannian geometry for assistive robotics with shared control scheme",
	"MISCChannelCount": 0
}